GEM
  remote: https://rubygems.org/
  specs:
    diff-lcs (1.5.0)
    mysql2 (0.5.5)
    mysql2-cs-bind (0.1.1)
      mysql2
    rspec (3.12.0)
      rspec-core (~> 3.12.0)
      rspec-expectations (~> 3.12.0)
      rspec-mocks (~> 3.12.0)
    rspec-core (3.12.2)
      rspec-support (~> 3.12.0)
    rspec-expectations (3.12.3)
      diff-lcs (>= 1.2.0, < 2.0)
      rspec-support (~> 3.12.0)
    rspec-mocks (3.12.6)
      diff-lcs (>= 1.2.0, < 2.0)
      rspec-support (~> 3.12.0)
    rspec-support (3.12.1)

PLATFORMS
  aarch64-linux

DEPENDENCIES
  mysql2
  mysql2-cs-bind
  rspec

BUNDLED WITH
   2.4.10
